GEM
  remote: https://rubygems.org/
  specs:
    celluloid (0.15.2)
      timers (~> 1.1.0)
    ffi (1.9.3)
    listen (2.2.0)
      celluloid (>= 0.15.2)
      rb-fsevent (>= 0.9.3)
      rb-inotify (>= 0.9)
    rake (10.1.0)
    rb-fsevent (0.9.3)
    rb-inotify (0.9.2)
      ffi (>= 0.5.0)
    sass (3.2.12)
    sass-css-importer (1.0.0.beta.0)
      sass (>= 3.1)
    timers (1.1.0)

PLATFORMS
  ruby

DEPENDENCIES
  listen
  rake
  sass
  sass-css-importer
