GEM
  remote: https://rubygems.org/
  specs:
    ansi (1.4.3)
    capybara (2.1.0)
      mime-types (>= 1.16)
      nokogiri (>= 1.3.3)
      rack (>= 1.0.0)
      rack-test (>= 0.5.4)
      xpath (~> 2.0)
    celluloid (0.15.2)
      timers (~> 1.1.0)
    chattyproc (1.0.0)
    childprocess (0.3.9)
      ffi (~> 1.0, >= 1.0.11)
    coderay (1.0.9)
    ffi (1.9.3)
    listen (2.2.0)
      celluloid (>= 0.15.2)
      rb-fsevent (>= 0.9.3)
      rb-inotify (>= 0.9)
    method_source (0.8.2)
    mime-types (2.0)
    mini_portile (0.5.2)
    minitest (4.7.5)
    multi_json (1.8.2)
    nokogiri (1.6.0)
      mini_portile (~> 0.5.0)
    pry (0.9.12.2)
      coderay (~> 1.0.5)
      method_source (~> 0.8)
      slop (~> 3.4)
    rack (1.5.2)
    rack-test (0.6.2)
      rack (>= 1.0)
    rake (10.1.0)
    rb-fsevent (0.9.3)
    rb-inotify (0.9.2)
      ffi (>= 0.5.0)
    rubyzip (1.0.0)
    sass (3.2.12)
    sass-css-importer (1.0.0.beta.0)
      sass (>= 3.1)
    selenium-webdriver (2.37.0)
      childprocess (>= 0.2.5)
      multi_json (~> 1.0)
      rubyzip (~> 1.0.0)
      websocket (~> 1.0.4)
    slop (3.4.5)
    tconsole (1.3.0.pre2)
      chattyproc (~> 1.0.0)
      term-ansicolor (~> 1.0.7)
    term-ansicolor (1.0.7)
    timers (1.1.0)
    turn (0.9.6)
      ansi
    websocket (1.0.7)
    wist (0.1.4)
      capybara
      selenium-webdriver
    xpath (2.0.0)
      nokogiri (~> 1.3)

PLATFORMS
  ruby

DEPENDENCIES
  listen
  minitest (= 4.7.5)
  pry
  rake
  sass
  sass-css-importer
  selenium-webdriver
  tconsole (= 1.3.0.pre2)
  turn
  wist
